PATH
  remote: .
  specs:
    testrbl (0.5.0)

GEM
  remote: https://rubygems.org/
  specs:
    activesupport (2.3.14)
    bump (0.3.3)
    diff-lcs (1.1.3)
    minitest (5.0.3)
    rake (0.9.2.2)
    rspec (2.11.0)
      rspec-core (~> 2.11.0)
      rspec-expectations (~> 2.11.0)
      rspec-mocks (~> 2.11.0)
    rspec-core (2.11.1)
    rspec-expectations (2.11.3)
      diff-lcs (~> 1.1.3)
    rspec-mocks (2.11.2)
    shoulda (3.0.1)
      shoulda-context (~> 1.0.0)
      shoulda-matchers (~> 1.0.0)
    shoulda-context (1.0.0)
    shoulda-matchers (1.0.0)
    test-unit (2.5.2)

PLATFORMS
  ruby

DEPENDENCIES
  activesupport (= 2.3.14)
  bump
  minitest (~> 5)
  rake
  rspec (~> 2)
  shoulda
  test-unit
  testrbl!
